GEM
  remote: https://rubygems.org/
  specs:
    fasterer (0.10.1)

PLATFORMS
  x86_64-darwin-20
  x86_64-linux

DEPENDENCIES
  fasterer

BUNDLED WITH
   2.2.32
